GEM
  remote: https://rubygems.org/
  specs:
    byebug (9.0.4)
    coderay (1.1.1)
    httparty (0.13.7)
      json (~> 1.8)
      multi_xml (>= 0.5.2)
    json (1.8.3)
    little-plugger (1.1.4)
    logging (2.1.0)
      little-plugger (~> 1.1)
      multi_json (~> 1.10)
    method_source (0.8.2)
    multi_json (1.12.1)
    multi_xml (0.5.5)
    pry (0.10.3)
      coderay (~> 1.1.0)
      method_source (~> 0.8.1)
      slop (~> 3.4)
    pry-byebug (3.4.0)
      byebug (~> 9.0)
      pry (~> 0.10)
    rack (1.6.4)
    raygun4ruby (1.1.9)
      httparty (~> 0.11)
      json
      rack
    rufus-scheduler (3.2.1)
    settingslogic (2.0.9)
    slop (3.6.0)

PLATFORMS
  ruby

DEPENDENCIES
  httparty
  logging
  pry-byebug
  raygun4ruby
  rufus-scheduler
  settingslogic

RUBY VERSION
   ruby 2.3.1p112

BUNDLED WITH
   1.12.4
